PATH
  remote: .
  specs:
    internal_tag_expander (0.1.0)

GEM
  remote: https://rubygems.org/
  specs:
    minitest (5.10.3)
    purdytest (2.0.0)
      minitest (~> 5.5)
    rake (10.5.0)

PLATFORMS
  ruby

DEPENDENCIES
  bundler (~> 1.16)
  internal_tag_expander!
  minitest (= 5.10.3)
  purdytest
  rake (~> 10.0)

BUNDLED WITH
   1.16.1
