PATH
  remote: .
  specs:
    include_tag (0.1.0)

GEM
  remote: https://rubygems.org/
  specs:
    coderay (1.1.2)
    method_source (0.9.0)
    minitest (5.10.3)
    pry (0.11.3)
      coderay (~> 1.1.0)
      method_source (~> 0.9.0)
    purdytest (2.0.0)
      minitest (~> 5.5)
    rake (10.5.0)

PLATFORMS
  ruby

DEPENDENCIES
  bundler (~> 1.16)
  include_tag!
  minitest (= 5.10.3)
  pry
  purdytest
  rake (~> 10.0)

BUNDLED WITH
   1.16.1
